GEM
  remote: https://rubygems.org/
  specs:
    minitest (5.11.3)
    rake (12.3.2)

PLATFORMS
  ruby

DEPENDENCIES
  minitest (>= 5.0.0)
  rake

BUNDLED WITH
   1.17.2
